GEM
  remote: http://rubygems.org/
  specs:
    activeresource (2.3.14)
      activesupport (= 2.3.14)
    activesupport (2.3.14)
    gli (1.3.4)
    highline (1.6.2)
    rainbow (1.1.1)
    redmine_client (0.0.1)
      activeresource (~> 2.3.0)
    simple_progressbar (0.1.3)

PLATFORMS
  ruby

DEPENDENCIES
  gli
  highline
  rainbow
  redmine_client
  simple_progressbar
